GEM
  remote: https://rubygems.org/
  specs:
    exif (2.2.0)
    exifr (1.3.4)
    geocoder (1.5.0)

PLATFORMS
  ruby

DEPENDENCIES
  exif
  exifr
  geocoder

RUBY VERSION
   ruby 2.5.1p57

BUNDLED WITH
   1.17.1
